GEM
  remote: https://rubygems.org/
  specs:
    minitest (5.3.5)
    rake (12.3.3)

PLATFORMS
  ruby

DEPENDENCIES
  minitest (>= 5.0)
  rake (>= 10.3)
